GEM
  remote: http://rubygems.org/
  specs:
    hoe (3.1.0)
      rake (~> 0.8)
    hoe-bundler (1.2.0)
      hoe (>= 2.2.0)
    hoe-gemspec (1.0.0)
      hoe (>= 2.2.0)
    hoe-git (1.5.0)
      hoe (>= 2.2.0)
    json (1.7.5)
    racc (1.4.9)
    rake (0.9.2.2)
    rdoc (3.12)
      json (~> 1.4)
    rexical (1.0.5)

PLATFORMS
  ruby

DEPENDENCIES
  hoe (~> 3.0)
  hoe-bundler
  hoe-gemspec
  hoe-git
  racc
  rdoc (~> 3.10)
  rexical
